PATH
  remote: .
  specs:
    egoist (0.5.0)

GEM
  remote: http://rubygems.org/
  specs:
    awesome_print (1.8.0)
    clean-mock (0.2.0)
    concurrent-ruby (1.1.5)
    diff-lcs (1.3)
    dry-inflector (0.2.0)
    faker (2.7.0)
      i18n (>= 1.6, < 1.8)
    i18n (1.7.0)
      concurrent-ruby (~> 1.0)
    rspec (3.9.0)
      rspec-core (~> 3.9.0)
      rspec-expectations (~> 3.9.0)
      rspec-mocks (~> 3.9.0)
    rspec-core (3.9.0)
      rspec-support (~> 3.9.0)
    rspec-expectations (3.9.0)
      diff-lcs (>= 1.2.0, < 2.0)
      rspec-support (~> 3.9.0)
    rspec-mocks (3.9.0)
      diff-lcs (>= 1.2.0, < 2.0)
      rspec-support (~> 3.9.0)
    rspec-support (3.9.0)

PLATFORMS
  ruby

DEPENDENCIES
  awesome_print
  clean-mock
  dry-inflector
  egoist!
  faker
  rspec

BUNDLED WITH
   2.1.4
